GIT
  remote: git://github.com/rails-sqlserver/activerecord-sqlserver-adapter.git
  revision: dca09a0e6debeb75c9d99f99099851000baea667
  specs:
    activerecord-sqlserver-adapter (4.2.7)
      activerecord (~> 4.2.1)

GIT
  remote: git://github.com/svenfuchs/rails-i18n.git
  revision: a7d33d1b319bdbaa1da64ced0aa0d280891a3a09
  branch: master
  specs:
    rails-i18n (4.0.7)
      i18n (~> 0.7)
      railties (~> 4.0)

GEM
  remote: http://rubygems.org/
  specs:
    actionmailer (4.2.5)
      actionpack (= 4.2.5)
      actionview (= 4.2.5)
      activejob (= 4.2.5)
      mail (~> 2.5, >= 2.5.4)
      rails-dom-testing (~> 1.0, >= 1.0.5)
    actionpack (4.2.5)
      actionview (= 4.2.5)
      activesupport (= 4.2.5)
      rack (~> 1.6)
      rack-test (~> 0.6.2)
      rails-dom-testing (~> 1.0, >= 1.0.5)
      rails-html-sanitizer (~> 1.0, >= 1.0.2)
    actionview (4.2.5)
      activesupport (= 4.2.5)
      builder (~> 3.1)
      erubis (~> 2.7.0)
      rails-dom-testing (~> 1.0, >= 1.0.5)
      rails-html-sanitizer (~> 1.0, >= 1.0.2)
    activejob (4.2.5)
      activesupport (= 4.2.5)
      globalid (>= 0.3.0)
    activemodel (4.2.5)
      activesupport (= 4.2.5)
      builder (~> 3.1)
    activerecord (4.2.5)
      activemodel (= 4.2.5)
      activesupport (= 4.2.5)
      arel (~> 6.0)
    activerecord-session_store (0.1.2)
      actionpack (>= 4.0.0, < 5)
      activerecord (>= 4.0.0, < 5)
      railties (>= 4.0.0, < 5)
    activesupport (4.2.5)
      i18n (~> 0.7)
      json (~> 1.7, >= 1.7.7)
      minitest (~> 5.1)
      thread_safe (~> 0.3, >= 0.3.4)
      tzinfo (~> 1.1)
    arel (6.0.3)
    builder (3.2.2)
    coffee-rails (4.1.1)
      coffee-script (>= 2.2.0)
      railties (>= 4.0.0, < 5.1.x)
    coffee-script (2.4.1)
      coffee-script-source
      execjs
    coffee-script-source (1.10.0)
    concurrent-ruby (1.0.0)
    daemons (1.2.3)
    delayed_job (4.1.1)
      activesupport (>= 3.0, < 5.0)
    delayed_job_active_record (4.1.0)
      activerecord (>= 3.0, < 5)
      delayed_job (>= 3.0, < 5)
    erubis (2.7.0)
    eventmachine (1.0.8)
    execjs (2.6.0)
    extr (1.0.6)
      rails (>= 4.0)
    globalid (0.3.6)
      activesupport (>= 4.1.0)
    i18n (0.7.0)
    jquery-rails (4.0.5)
      rails-dom-testing (~> 1.0)
      railties (>= 4.2.0)
      thor (>= 0.14, < 2.0)
    jquery-ui-rails (5.0.5)
      railties (>= 3.2.16)
    json (1.8.3)
    loofah (2.0.3)
      nokogiri (>= 1.5.9)
    mail (2.6.3)
      mime-types (>= 1.16, < 3)
    mime-types (2.99)
    mini_portile (0.6.2)
    mini_portile2 (2.0.0)
    minitest (5.8.3)
    netzke-basepack (0.12.9)
      netzke-core (~> 0.12.0)
      netzke-testing (~> 0.12.0)
    netzke-core (0.12.3)
      execjs
      uglifier
    netzke-testing (0.12.3)
      coffee-script
    nokogiri (1.6.7.1-x86-mingw32)
      mini_portile2 (~> 2.0.0.rc2)
    pdf-core (0.6.0)
    prawn (2.0.2)
      pdf-core (~> 0.6.0)
      ttfunk (~> 1.4.0)
    prawn-table (0.2.2)
      prawn (>= 1.3.0, < 3.0.0)
    protected_attributes (1.1.3)
      activemodel (>= 4.0.1, < 5.0)
    rack (1.6.4)
    rack-test (0.6.3)
      rack (>= 1.0)
    rails (4.2.5)
      actionmailer (= 4.2.5)
      actionpack (= 4.2.5)
      actionview (= 4.2.5)
      activejob (= 4.2.5)
      activemodel (= 4.2.5)
      activerecord (= 4.2.5)
      activesupport (= 4.2.5)
      bundler (>= 1.3.0, < 2.0)
      railties (= 4.2.5)
      sprockets-rails
    rails-deprecated_sanitizer (1.0.3)
      activesupport (>= 4.2.0.alpha)
    rails-dom-testing (1.0.7)
      activesupport (>= 4.2.0.beta, < 5.0)
      nokogiri (~> 1.6.0)
      rails-deprecated_sanitizer (>= 1.0.1)
    rails-html-sanitizer (1.0.2)
      loofah (~> 2.0)
    rails-observers (0.1.2)
      activemodel (~> 4.0)
    railties (4.2.5)
      actionpack (= 4.2.5)
      activesupport (= 4.2.5)
      rake (>= 0.8.7)
      thor (>= 0.18.1, < 2.0)
    rake (10.4.2)
    responders (2.1.1)
      railties (>= 4.2.0, < 5.1)
    ruby-oci8 (2.2.1-x86-mingw32)
    ruby-ole (1.2.11.8)
    sass (3.4.20)
    sass-rails (5.0.4)
      railties (>= 4.0.0, < 5.0)
      sass (~> 3.1)
      sprockets (>= 2.8, < 4.0)
      sprockets-rails (>= 2.0, < 4.0)
      tilt (>= 1.1, < 3)
    spreadsheet (1.1.0)
      ruby-ole (>= 1.0)
    sprockets (3.5.2)
      concurrent-ruby (~> 1.0)
      rack (> 1, < 3)
    sprockets-rails (3.0.0)
      actionpack (>= 4.0)
      activesupport (>= 4.0)
      sprockets (>= 3.0.0)
    sqlite3 (1.3.11-x86-mingw32)
    thin (1.6.4)
      daemons (~> 1.0, >= 1.0.9)
      eventmachine (~> 1.0, >= 1.0.4)
      rack (~> 1.0)
    thor (0.19.1)
    thread_safe (0.3.5)
    tilt (2.0.1)
    timeliness (0.3.7)
    tiny_tds (0.7.0-x86-mingw32)
      mini_portile (= 0.6.2)
    ttfunk (1.4.0)
    tzinfo (1.2.2)
      thread_safe (~> 0.1)
    tzinfo-data (1.2015.7)
      tzinfo (>= 1.0.0)
    uglifier (2.7.2)
      execjs (>= 0.3.0)
      json (>= 1.8.0)
    validates_timeliness (3.0.14)
      timeliness (~> 0.3.6)

PLATFORMS
  x86-mingw32

DEPENDENCIES
  activerecord-session_store
  activerecord-sqlserver-adapter!
  coffee-rails
  delayed_job
  delayed_job_active_record
  extr
  jquery-rails
  jquery-ui-rails
  netzke-basepack
  netzke-core
  prawn
  prawn-table
  protected_attributes
  rails (= 4.2.5)
  rails-i18n!
  rails-observers
  responders
  ruby-oci8
  sass-rails
  spreadsheet
  sqlite3
  therubyracer
  thin
  tiny_tds
  tzinfo-data
  uglifier
  validates_timeliness (~> 3.0)

BUNDLED WITH
   1.11.2
