GIT
  remote: git://github.com/cschiewek/devise_ldap_authenticatable.git
  revision: 6bb386b05fbbf8ffa9c59930882426de91333e73
  specs:
    devise_ldap_authenticatable (0.7.0)
      devise (~> 2.0)
      net-ldap (~> 0.2)

GIT
  remote: git://github.com/logicaltext/rack-prettify.git
  revision: 19eb631c03a5b81eb8ab8cf94c2e5b41e6da3cb9
  specs:
    rack-prettify (0.0.1)
      nokogiri (>= 1.4.2)
      rack

GIT
  remote: git://github.com/meiser/meiser-rails.git
  revision: 5b41003b6aacedbae655f2cf3e3b9b9f127ede2a
  specs:
    meiser-rails (0.0.1)
      ibm_db (~> 2.5.10)
      rails (>= 3.1.0)

GIT
  remote: git://github.com/netzke/netzke-basepack.git
  revision: 76dfce336115ea549b5849ab94594858c3424099
  specs:
    netzke-basepack (0.8.3)
      netzke-core (~> 0.8.2)

GIT
  remote: git://github.com/netzke/netzke-core.git
  revision: f5e9aaa1a6f139ed8ee27d34173992d96bda6e52
  specs:
    netzke-core (0.8.4)
      execjs
      uglifier

GIT
  remote: git://github.com/tigrish/devise-i18n.git
  revision: 19fab4ca87c0459a19099ff5a0ed7893d2847a2d
  specs:
    devise-i18n (0.8.0)

GEM
  remote: http://rubygems.org/
  specs:
    actionmailer (3.2.12)
      actionpack (= 3.2.12)
      mail (~> 2.4.4)
    actionpack (3.2.12)
      activemodel (= 3.2.12)
      activesupport (= 3.2.12)
      builder (~> 3.0.0)
      erubis (~> 2.7.0)
      journey (~> 1.0.4)
      rack (~> 1.4.5)
      rack-cache (~> 1.2)
      rack-test (~> 0.6.1)
      sprockets (~> 2.2.1)
    activemodel (3.2.12)
      activesupport (= 3.2.12)
      builder (~> 3.0.0)
    activerecord (3.2.12)
      activemodel (= 3.2.12)
      activesupport (= 3.2.12)
      arel (~> 3.0.2)
      tzinfo (~> 0.3.29)
    activerecord-sqlserver-adapter (3.2.10)
      activerecord (~> 3.2.0)
    activeresource (3.2.12)
      activemodel (= 3.2.12)
      activesupport (= 3.2.12)
    activesupport (3.2.12)
      i18n (~> 0.6)
      multi_json (~> 1.0)
    addressable (2.3.3)
    arel (3.0.2)
    bcrypt-ruby (3.0.1)
    bcrypt-ruby (3.0.1-x86-mingw32)
    builder (3.0.4)
    coffee-rails (3.2.2)
      coffee-script (>= 2.2.0)
      railties (~> 3.2.0)
    coffee-script (2.2.0)
      coffee-script-source
      execjs
    coffee-script-source (1.6.2)
    cookiejar (0.3.0)
    daemons (1.1.9)
    delayed_job (3.0.5)
      activesupport (~> 3.0)
    delayed_job_active_record (0.4.4)
      activerecord (>= 2.1.0, < 4)
      delayed_job (~> 3.0)
    devise (2.2.3)
      bcrypt-ruby (~> 3.0)
      orm_adapter (~> 0.1)
      railties (~> 3.1)
      warden (~> 1.2.1)
    em-http-request (1.0.3)
      addressable (>= 2.2.3)
      cookiejar
      em-socksify
      eventmachine (>= 1.0.0.beta.4)
      http_parser.rb (>= 0.5.3)
    em-socksify (0.2.1)
      eventmachine (>= 1.0.0.beta.4)
    erubis (2.7.0)
    eventmachine (1.0.3)
    eventmachine (1.0.3-x86-mingw32)
    execjs (1.4.0)
      multi_json (~> 1.0)
    extr (1.0.2)
      rails (> 3.0)
    faye (0.8.9)
      cookiejar (>= 0.3.0)
      em-http-request (>= 0.3.0)
      eventmachine (>= 0.12.0)
      faye-websocket (>= 0.4.0)
      rack (>= 1.0.0)
      yajl-ruby (>= 1.0.0)
    faye-websocket (0.4.7)
      eventmachine (>= 0.12.0)
    formtastic (2.2.1)
      actionpack (>= 3.0)
    gravatar_image_tag (1.1.3)
    hike (1.2.1)
    http_parser.rb (0.5.3)
    http_parser.rb (0.5.3-x86-mingw32)
    i18n (0.6.4)
    ibm_db (2.5.11)
      activerecord (>= 1.15.1)
    ibm_db (2.5.11-x86-mingw32)
      activerecord (>= 1.15.1)
    journey (1.0.4)
    jquery-rails (2.2.1)
      railties (>= 3.0, < 5.0)
      thor (>= 0.14, < 2.0)
    jquery-ui-rails (4.0.2)
      jquery-rails
      railties (>= 3.1.0)
    jquery_datepicker (0.4)
    json (1.7.7)
    kaminari (0.14.1)
      actionpack (>= 3.0.0)
      activesupport (>= 3.0.0)
    libv8 (3.11.8.17)
    linguistics (2.0.2)
      loggability (~> 0.5)
    loggability (0.6.0)
    mail (2.4.4)
      i18n (>= 0.4.0)
      mime-types (~> 1.16)
      treetop (~> 1.4.8)
    mime-types (1.22)
    multi_json (1.7.2)
    nested_form (0.3.2)
    net-ldap (0.3.1)
    net-ssh (2.6.6)
    nokogiri (1.5.9)
    nokogiri (1.5.9-x86-mingw32)
    orm_adapter (0.4.0)
    polyglot (0.3.3)
    rack (1.4.5)
    rack-cache (1.2)
      rack (>= 0.4)
    rack-ssl (1.3.3)
      rack
    rack-test (0.6.2)
      rack (>= 1.0)
    rails (3.2.12)
      actionmailer (= 3.2.12)
      actionpack (= 3.2.12)
      activerecord (= 3.2.12)
      activeresource (= 3.2.12)
      activesupport (= 3.2.12)
      bundler (~> 1.0)
      railties (= 3.2.12)
    rails-i18n (0.7.3)
      i18n (~> 0.5)
    railties (3.2.12)
      actionpack (= 3.2.12)
      activesupport (= 3.2.12)
      rack-ssl (~> 1.3.2)
      rake (>= 0.8.7)
      rdoc (~> 3.4)
      thor (>= 0.14.6, < 2.0)
    rake (10.0.4)
    rdoc (3.12.2)
      json (~> 1.4)
    ref (1.0.4)
    sass (3.2.7)
    sass-rails (3.2.6)
      railties (~> 3.2.0)
      sass (>= 3.1.10)
      tilt (~> 1.3)
    sprockets (2.2.2)
      hike (~> 1.2)
      multi_json (~> 1.0)
      rack (~> 1.0)
      tilt (~> 1.1, != 1.3.0)
    sqlite3 (1.3.7)
    sqlite3 (1.3.7-x86-mingw32)
    state_machine (1.2.0)
    therubyracer (0.11.4)
      libv8 (~> 3.11.8.12)
      ref
    thin (1.5.1)
      daemons (>= 1.0.9)
      eventmachine (>= 0.12.6)
      rack (>= 1.0.0)
    thor (0.18.1)
    tilt (1.3.6)
    timeliness (0.3.7)
    tiny_tds (0.5.1)
    tiny_tds (0.5.1-x86-mingw32)
    treetop (1.4.12)
      polyglot
      polyglot (>= 0.3.1)
    tzinfo (0.3.37)
    uglifier (1.3.0)
      execjs (>= 0.3.0)
      multi_json (~> 1.0, >= 1.0.2)
    validates_timeliness (3.0.14)
      timeliness (~> 0.3.6)
    warden (1.2.1)
      rack (>= 1.0)
    yajl-ruby (1.1.0)
    yajl-ruby (1.1.0-x86-mingw32)

PLATFORMS
  ruby
  x86-mingw32

DEPENDENCIES
  activerecord-sqlserver-adapter
  coffee-rails (~> 3.2.1)
  daemons
  delayed_job
  delayed_job_active_record
  devise
  devise-i18n!
  devise_ldap_authenticatable!
  extr
  faye
  formtastic
  gravatar_image_tag
  ibm_db
  jquery-rails
  jquery-ui-rails
  jquery_datepicker
  kaminari
  linguistics
  meiser-rails!
  nested_form
  net-ldap
  net-ssh
  netzke-basepack!
  netzke-core!
  rack-prettify!
  rails (= 3.2.12)
  rails-i18n
  sass-rails (~> 3.2.3)
  sqlite3
  state_machine
  therubyracer
  thin
  tiny_tds
  uglifier (>= 1.0.3)
  validates_timeliness (~> 3.0)
